PATH
  remote: .
  specs:
    motion-duration (1.0)

GEM
  remote: https://rubygems.org/
  specs:
    rake (10.4.2)

PLATFORMS
  ruby

DEPENDENCIES
  motion-duration!
  rake
